GIT
  remote: git://github.com/thisMagpie/nmatrix.git
  revision: 30fcf711a36e634ad4337f3ccc857fe17b7b3240
  specs:
    nmatrix (0.1.0.rc5)
      rdoc (~> 4.0, >= 4.0.1)

GEM
  remote: https://rubygems.org/
  specs:
    colorize (0.7.3)
    diff-lcs (1.2.5)
    gemnasium (3.2.0)
    json (1.8.1)
    rake (10.3.2)
    rake-compiler (0.9.2)
      rake
    rake_tasks (2.0.6)
    rdoc (4.1.1)
      json (~> 1.4)
    rspec (3.0.0)
      rspec-core (~> 3.0.0)
      rspec-expectations (~> 3.0.0)
      rspec-mocks (~> 3.0.0)
    rspec-core (3.0.3)
      rspec-support (~> 3.0.0)
    rspec-expectations (3.0.3)
      diff-lcs (>= 1.2.0, < 2.0)
      rspec-support (~> 3.0.0)
    rspec-longrun (1.0.1)
      rspec-core (>= 2.10.0)
    rspec-mocks (3.0.3)
      rspec-support (~> 3.0.0)
    rspec-support (3.0.3)

PLATFORMS
  ruby

DEPENDENCIES
  colorize (~> 0.7, >= 0.7.3)
  gemnasium
  nmatrix!
  rake (~> 10.3, >= 10.3.2)
  rake-compiler (~> 0.8, >= 0.8.1)
  rake_tasks (~> 2.0, >= 2.0.6)
  rdoc (~> 4.0, >= 4.0.1)
  rspec (~> 3.0.0)
  rspec-core (~> 3.0, >= 3.0.2)
  rspec-longrun (~> 1.0, >= 1.0.1)
