PATH
  remote: .
  specs:
    fftw (0.0.3.rc1)
      nmatrix (= 0.1.0.rc3)
      rake (~> 10.3, >= 10.3.2)
      rspec (~> 3.0.0)

GEM
  remote: https://rubygems.org/
  specs:
    coderay (1.1.0)
    colorize (0.7.3)
    diff-lcs (1.2.5)
    ffi (1.9.3)
    json (1.8.1)
    method_source (0.8.2)
    nmatrix (0.1.0.rc3)
      rdoc (>= 4.0.1)
    pry (0.10.0)
      coderay (~> 1.1.0)
      method_source (~> 0.8.1)
      slop (~> 3.4)
    rake (10.3.2)
    rake-compiler (0.9.2)
      rake
    rake_tasks (2.0.6)
    rdoc (4.1.1)
      json (~> 1.4)
    rspec (3.0.0)
      rspec-core (~> 3.0.0)
      rspec-expectations (~> 3.0.0)
      rspec-mocks (~> 3.0.0)
    rspec-core (3.0.2)
      rspec-support (~> 3.0.0)
    rspec-expectations (3.0.2)
      diff-lcs (>= 1.2.0, < 2.0)
      rspec-support (~> 3.0.0)
    rspec-longrun (1.0.1)
      rspec-core (>= 2.10.0)
    rspec-mocks (3.0.2)
      rspec-support (~> 3.0.0)
    rspec-support (3.0.2)
    slop (3.5.0)

PLATFORMS
  ruby

DEPENDENCIES
  bundler (~> 1.6, >= 1.6.1)
  colorize (~> 0.7, >= 0.7.3)
  ffi (~> 1.9, >= 1.9.3)
  fftw!
  pry (~> 0)
  rake-compiler (~> 0.8, >= 0.8.1)
  rake_tasks (~> 2.0, >= 2.0.6)
  rdoc (~> 4.0, >= 4.0.1)
  rspec-core (~> 3.0, >= 3.0.2)
  rspec-longrun (~> 1.0, >= 1.0.1)
